GEM
  remote: https://rubygems.org/
  specs:
    addressable (2.5.0)
      public_suffix (~> 2.0, >= 2.0.2)
    asciidoctor (1.5.5)
    asciidoctor-diagram (1.5.4)
      asciidoctor (~> 1.5.0)
    coderay (1.1.0)
    colorator (1.1.0)
    execjs (2.7.0)
    ffi (1.9.17)
    forwardable-extended (2.6.0)
    jekyll (3.4.0)
      addressable (~> 2.4)
      colorator (~> 1.0)
      jekyll-sass-converter (~> 1.0)
      jekyll-watch (~> 1.1)
      kramdown (~> 1.3)
      liquid (~> 3.0)
      mercenary (~> 0.3.3)
      pathutil (~> 0.9)
      rouge (~> 1.7)
      safe_yaml (~> 1.0)
    jekyll-asciidoc (2.0.1)
      asciidoctor (>= 1.5.0)
      jekyll (>= 2.3.0)
    jekyll-katex (0.1.1)
      execjs (~> 2.7)
      jekyll (~> 3.0)
    jekyll-paginate (1.1.0)
    jekyll-plantuml (1.3.1)
      jekyll (> 2.0)
    jekyll-sass-converter (1.5.0)
      sass (~> 3.4)
    jekyll-watch (1.5.0)
      listen (~> 3.0, < 3.1)
    kramdown (1.13.2)
    liquid (3.0.6)
    listen (3.0.8)
      rb-fsevent (~> 0.9, >= 0.9.4)
      rb-inotify (~> 0.9, >= 0.9.7)
    mercenary (0.3.6)
    multi_json (1.12.1)
    pathutil (0.14.0)
      forwardable-extended (~> 2.6)
    public_suffix (2.0.5)
    pygments.rb (1.1.1)
      multi_json (>= 1.0.0)
    rake (10.5.0)
    rake-jekyll (1.1.0)
      rake (~> 10.0)
    rb-fsevent (0.9.8)
    rb-inotify (0.9.8)
      ffi (>= 0.5.0)
    rouge (1.11.1)
    safe_yaml (1.0.4)
    sass (3.4.23)

PLATFORMS
  ruby

DEPENDENCIES
  asciidoctor (~> 1.5)
  asciidoctor-diagram
  coderay (= 1.1.0)
  jekyll-asciidoc
  jekyll-katex
  jekyll-paginate
  jekyll-plantuml (~> 1.1)
  pygments.rb
  rake-jekyll (~> 1.0)

BUNDLED WITH
   1.13.7
